GEM
  remote: https://rubygems.org/
  specs:
    coderay (1.1.3)
    date (3.2.2)
    faraday (2.3.0)
      faraday-net_http (~> 2.0)
      ruby2_keywords (>= 0.0.4)
    faraday-net_http (2.0.3)
    method_source (1.0.0)
    open-uri (0.2.0)
      stringio
      time
      uri
    pry (0.14.1)
      coderay (~> 1.1)
      method_source (~> 1.0)
    ruby2_keywords (0.0.5)
    stringio (3.0.2)
    time (0.2.0)
      date
    uri (0.11.0)

PLATFORMS
  x86_64-linux

DEPENDENCIES
  faraday (~> 2.3)
  open-uri (~> 0.2.0)
  pry (~> 0.14.1)

BUNDLED WITH
   2.2.22
